GEM
  remote: https://rubygems.org/
  specs:
    backports (3.24.1)
    nokogiri (1.15.4-x86_64-linux)
      racc (~> 1.4)
    racc (1.7.2)
    rack (1.4.7)
    sinatra (1.2.9)
      backports
      rack (~> 1.1, < 1.5)
      tilt (>= 1.2.2, < 2.0)
    tilt (1.4.1)

PLATFORMS
  x86_64-linux

DEPENDENCIES
  nokogiri (~> 1.11)
  sinatra (~> 1.2.2)

BUNDLED WITH
   2.4.21
